GIT
  remote: git://github.com/pelle/oauth-plugin.git
  revision: 91e1362bd9108b4de723825c38e67ec8a92b6f71
  branch: rails3
  specs:
    oauth-plugin (0.3.14)
      oauth (>= 0.3.5)

GIT
  remote: git://github.com/pelle/oauth.git
  revision: a9e7ed0bfb5673d453d2aa9fd5e1599cc45072ec
  specs:
    oauth (0.4.3)

GEM
  remote: http://rubygems.org/
  remote: http://gems.github.com/
  specs:
    abstract (1.0.0)
    actionmailer (3.0.0)
      actionpack (= 3.0.0)
      mail (~> 2.2.5)
    actionpack (3.0.0)
      activemodel (= 3.0.0)
      activesupport (= 3.0.0)
      builder (~> 2.1.2)
      erubis (~> 2.6.6)
      i18n (~> 0.4.1)
      rack (~> 1.2.1)
      rack-mount (~> 0.6.12)
      rack-test (~> 0.5.4)
      tzinfo (~> 0.3.23)
    activemodel (3.0.0)
      activesupport (= 3.0.0)
      builder (~> 2.1.2)
      i18n (~> 0.4.1)
    activerecord (3.0.0)
      activemodel (= 3.0.0)
      activesupport (= 3.0.0)
      arel (~> 1.0.0)
      tzinfo (~> 0.3.23)
    activeresource (3.0.0)
      activemodel (= 3.0.0)
      activesupport (= 3.0.0)
    activesupport (3.0.0)
    arel (1.0.1)
      activesupport (~> 3.0.0)
    builder (2.1.2)
    calendar_date_select (1.16.1)
    color (1.4.1)
    crack (0.1.8)
    erubis (2.6.6)
      abstract (>= 1.0.0)
    fastercsv (1.5.0)
    haml (3.0.21)
    httparty (0.6.1)
      crack (= 0.1.8)
    i18n (0.4.1)
    mail (2.2.7)
      activesupport (>= 2.3.6)
      mime-types
      treetop (>= 1.4.5)
    mash (0.1.1)
    mime-types (1.16)
    pg (0.9.0)
    polyglot (0.3.1)
    rack (1.2.1)
    rack-mount (0.6.13)
      rack (>= 1.0.0)
    rack-test (0.5.6)
      rack (>= 1.0)
    rails (3.0.0)
      actionmailer (= 3.0.0)
      actionpack (= 3.0.0)
      activerecord (= 3.0.0)
      activeresource (= 3.0.0)
      activesupport (= 3.0.0)
      bundler (~> 1.0.0)
      railties (= 3.0.0)
    railties (3.0.0)
      actionpack (= 3.0.0)
      activesupport (= 3.0.0)
      rake (>= 0.8.4)
      thor (~> 0.14.0)
    rake (0.8.7)
    rcov (0.9.9)
    ruby-hmac (0.4.0)
    sqlite3-ruby (1.2.4)
    thor (0.14.3)
    treetop (1.4.8)
      polyglot (>= 0.3.1)
    tzinfo (0.3.23)
    will_paginate (3.0.pre2)

PLATFORMS
  ruby

DEPENDENCIES
  calendar_date_select
  color
  fastercsv
  haml
  httparty
  mash
  oauth!
  oauth-plugin!
  pg
  rails (= 3.0.0)
  rcov
  ruby-hmac
  sqlite3-ruby
  will_paginate (~> 3.0.pre2)
